GEM
  remote: https://rubygems.org/
  specs:
    facets (3.0.0)
    mini_portile (0.6.2)
    nokogiri (1.6.6.2)
      mini_portile (~> 0.6.0)
    roo (2.1.1)
      nokogiri (~> 1)
      rubyzip (~> 1.1, < 2.0.0)
    roo-xls (1.0.0)
      nokogiri
      roo (>= 2.0.0beta1, < 3)
      spreadsheet (> 0.9.0)
    ruby-ole (1.2.11.8)
    rubyzip (1.1.7)
    spreadsheet (1.0.4)
      ruby-ole (>= 1.0)

PLATFORMS
  ruby

DEPENDENCIES
  facets (= 3.0.0)
  roo (~> 2.1.1)
  roo-xls (~> 1.0.0)

BUNDLED WITH
   1.10.6
